GEM
  remote: https://rubygems.org/
  specs:
    json (1.8.1)
    netrc (0.7.9)
    rack (1.6.0)
    rack-protection (1.5.3)
      rack
    rest_client (1.8.2)
      netrc (~> 0.7.7)
    sinatra (1.4.5)
      rack (~> 1.4)
      rack-protection (~> 1.4)
      tilt (~> 1.3, >= 1.3.4)
    tilt (1.4.1)

PLATFORMS
  ruby

DEPENDENCIES
  json (= 1.8.1)
  rest_client (= 1.8.2)
  sinatra (= 1.4.5)
